GEM
  remote: https://rubygems.org/
  specs:
    dotenv (3.1.2)
    ruby-progressbar (1.13.0)

PLATFORMS
  ruby
  x86_64-linux

DEPENDENCIES
  dotenv
  ruby-progressbar

RUBY VERSION
   ruby 3.3.1p55

BUNDLED WITH
   2.5.9
